GIT
  remote: https://github.com/withgrayce/hellosign-api.git
  revision: 561f0d6ec3e3d09f52ab7a3f0cfb447450df625d
  specs:
    hellosign-api (1.0.5)
      faraday (>= 2.0.0)
      faraday-multipart (>= 1.0.0)
      mime-types (>= 3.0.0)
      multi_json (>= 1.0.0)

GEM
  remote: https://rubygems.org/
  specs:
    debug (1.5.0)
      irb (>= 1.3.6)
      reline (>= 0.2.7)
    faraday (2.2.0)
      faraday-net_http (~> 2.0)
      ruby2_keywords (>= 0.0.4)
    faraday-multipart (1.0.3)
      multipart-post (>= 1.2, < 3)
    faraday-net_http (2.0.2)
    io-console (0.5.11)
    irb (1.4.1)
      reline (>= 0.3.0)
    mime-types (3.4.1)
      mime-types-data (~> 3.2015)
    mime-types-data (3.2022.0105)
    multi_json (1.15.0)
    multipart-post (2.1.1)
    reline (0.3.1)
      io-console (~> 0.5)
    ruby2_keywords (0.0.5)

PLATFORMS
  ruby

DEPENDENCIES
  debug (>= 1.0.0)
  hellosign-api!

BUNDLED WITH
   2.3.7
